PATH
  remote: .
  specs:
    scrap (0.3.0)
      dry-configurable (~> 0.16)
      faraday (~> 2.7)
      faraday-cookie_jar (~> 0.0)
      faraday-follow_redirects (~> 0.3)
      nokogiri (~> 1.14)

GEM
  remote: https://rubygems.org/
  specs:
    ast (2.4.2)
    byebug (11.1.3)
    coderay (1.1.3)
    concurrent-ruby (1.2.2)
    diff-lcs (1.5.0)
    domain_name (0.5.20190701)
      unf (>= 0.0.5, < 1.0.0)
    dry-configurable (0.16.1)
      dry-core (~> 0.6)
      zeitwerk (~> 2.6)
    dry-core (0.9.1)
      concurrent-ruby (~> 1.0)
      zeitwerk (~> 2.6)
    faraday (2.7.4)
      faraday-net_http (>= 2.0, < 3.1)
      ruby2_keywords (>= 0.0.4)
    faraday-cookie_jar (0.0.7)
      faraday (>= 0.8.0)
      http-cookie (~> 1.0.0)
    faraday-follow_redirects (0.3.0)
      faraday (>= 1, < 3)
    faraday-net_http (3.0.2)
    http-cookie (1.0.5)
      domain_name (~> 0.5)
    json (2.6.3)
    method_source (1.0.0)
    nokogiri (1.14.3-aarch64-linux)
      racc (~> 1.4)
    parallel (1.23.0)
    parser (3.2.2.1)
      ast (~> 2.4.1)
    pry (0.14.2)
      coderay (~> 1.1)
      method_source (~> 1.0)
    pry-byebug (3.10.1)
      byebug (~> 11.0)
      pry (>= 0.13, < 0.15)
    racc (1.6.2)
    rainbow (3.1.1)
    rake (13.0.6)
    regexp_parser (2.8.0)
    rexml (3.2.5)
    rspec (3.12.0)
      rspec-core (~> 3.12.0)
      rspec-expectations (~> 3.12.0)
      rspec-mocks (~> 3.12.0)
    rspec-core (3.12.2)
      rspec-support (~> 3.12.0)
    rspec-expectations (3.12.3)
      diff-lcs (>= 1.2.0, < 2.0)
      rspec-support (~> 3.12.0)
    rspec-mocks (3.12.5)
      diff-lcs (>= 1.2.0, < 2.0)
      rspec-support (~> 3.12.0)
    rspec-support (3.12.0)
    rubocop (1.50.2)
      json (~> 2.3)
      parallel (~> 1.10)
      parser (>= 3.2.0.0)
      rainbow (>= 2.2.2, < 4.0)
      regexp_parser (>= 1.8, < 3.0)
      rexml (>= 3.2.5, < 4.0)
      rubocop-ast (>= 1.28.0, < 2.0)
      ruby-progressbar (~> 1.7)
      unicode-display_width (>= 2.4.0, < 3.0)
    rubocop-ast (1.28.1)
      parser (>= 3.2.1.0)
    ruby-progressbar (1.13.0)
    ruby2_keywords (0.0.5)
    unf (0.1.4)
      unf_ext
    unf_ext (0.0.8.2)
    unicode-display_width (2.4.2)
    zeitwerk (2.6.8)

PLATFORMS
  aarch64-linux

DEPENDENCIES
  pry-byebug
  rake
  rspec
  rubocop
  scrap!

BUNDLED WITH
   2.4.12
